GEM
  remote: http://rubygems.org/
  specs:
    coderwaller (0.0.2)
    daemon-spawn (0.4.2)
    net-irc (0.0.9)

PLATFORMS
  ruby

DEPENDENCIES
  coderwaller (= 0.0.2)
  daemon-spawn (= 0.4.2)
  net-irc (= 0.0.9)
